FRAMEWORK: >= NET452
NUGET
  remote: https://www.nuget.org/api/v2
  specs:
    FAKE (4.28)
    NUnit (2.6.4)
    NUnit.Runners (2.6.4)
    Unquote (3.1.1)
